GEM
  remote: http://rubygems.org/
  specs:
    activerecord (2.3.8)
      activesupport (= 2.3.8)
    activerecord-oracle_enhanced-adapter (1.2.3)
      activerecord (>= 2.0.0)
    activesupport (2.3.8)
    cgi_multipart_eof_fix (2.5.0)
    daemons (1.1.0)
    diff-lcs (1.1.2)
    fastthread (1.0.7)
    gem_plugin (0.2.3)
    mongrel (1.1)
      cgi_multipart_eof_fix (>= 2.4)
      daemons (>= 1.0.3)
      fastthread (>= 1.0.1)
      gem_plugin (>= 0.2.3)
    mongrel_experimental (1.1)
      mongrel (= 1.1)
    rack (1.2.1)
    rspec (2.5.0)
      rspec-core (~> 2.5.0)
      rspec-expectations (~> 2.5.0)
      rspec-mocks (~> 2.5.0)
    rspec-core (2.5.2)
    rspec-expectations (2.5.0)
      diff-lcs (~> 1.1.2)
    rspec-mocks (2.5.0)
    ruby-oci8 (1.0.7)
    sinatra (1.0)
      rack (>= 1.0)

PLATFORMS
  ruby

DEPENDENCIES
  activerecord (~> 2.2)
  activerecord-oracle_enhanced-adapter (= 1.2.3)
  mongrel_experimental
  rspec
  ruby-oci8 (= 1.0.7)
  sinatra (~> 1.0)
